NUGET
  remote: https://www.nuget.org/api/v2
    OpenHardwareMonitor (0.7.1)
